GEM
  remote: https://rubygems.org/
  specs:
    axiom-types (0.1.1)
      descendants_tracker (~> 0.0.4)
      ice_nine (~> 0.11.0)
      thread_safe (~> 0.3, >= 0.3.1)
    coercible (1.0.0)
      descendants_tracker (~> 0.0.1)
    connection_pool (2.3.0)
    descendants_tracker (0.0.4)
      thread_safe (~> 0.3, >= 0.3.1)
    dotenv (2.8.1)
    dry-inflector (1.0.0)
    faraday (2.7.0)
      faraday-net_http (>= 2.0, < 3.1)
      ruby2_keywords (>= 0.0.4)
    faraday-multipart (1.0.4)
      multipart-post (~> 2)
    faraday-net_http (3.0.2)
    ice_nine (0.11.2)
    json (2.6.2)
    multipart-post (2.2.3)
    net-http-persistent (4.0.1)
      connection_pool (~> 2.2)
    pdfcrowd (5.9.0)
    redis (5.0.5)
      redis-client (>= 0.9.0)
    redis-client (0.11.1)
      connection_pool
    ruby2_keywords (0.0.5)
    telegram-bot-ruby (0.21.1)
      dry-inflector
      faraday (~> 2.0)
      faraday-multipart (~> 1.0)
      virtus (~> 2.0)
    thread_safe (0.3.6)
    virtus (2.0.0)
      axiom-types (~> 0.1)
      coercible (~> 1.0)
      descendants_tracker (~> 0.0, >= 0.0.3)

PLATFORMS
  x86_64-darwin-17

DEPENDENCIES
  dotenv
  json
  net-http-persistent
  pdfcrowd
  redis
  telegram-bot-ruby

BUNDLED WITH
   2.3.11
